GEM
  remote: https://rubygems.org/
  specs:
    git (1.3.0)
    ruby-graphviz (1.2.3)

PLATFORMS
  ruby

DEPENDENCIES
  git
  ruby-graphviz

BUNDLED WITH
   1.15.1
